GIT
  remote: https://github.com/excid3/administrate.git
  revision: 42d29bb67eec217df73bef4ce6feb86c08461fdf
  branch: jumpstart
  specs:
    administrate (0.14.0)
      actionpack (>= 5.0)
      actionview (>= 5.0)
      activerecord (>= 5.0)
      datetime_picker_rails (~> 0.0.7)
      jquery-rails (>= 4.0)
      kaminari (>= 1.0)
      momentjs-rails (~> 2.8)
      sassc-rails (~> 2.1)
      selectize-rails (~> 0.6)

GEM
  remote: https://rubygems.org/
  specs:
    actioncable (6.1.4.1)
      actionpack (= 6.1.4.1)
      activesupport (= 6.1.4.1)
      nio4r (~> 2.0)
      websocket-driver (>= 0.6.1)
    actionmailbox (6.1.4.1)
      actionpack (= 6.1.4.1)
      activejob (= 6.1.4.1)
      activerecord (= 6.1.4.1)
      activestorage (= 6.1.4.1)
      activesupport (= 6.1.4.1)
      mail (>= 2.7.1)
    actionmailer (6.1.4.1)
      actionpack (= 6.1.4.1)
      actionview (= 6.1.4.1)
      activejob (= 6.1.4.1)
      activesupport (= 6.1.4.1)
      mail (~> 2.5, >= 2.5.4)
      rails-dom-testing (~> 2.0)
    actionpack (6.1.4.1)
      actionview (= 6.1.4.1)
      activesupport (= 6.1.4.1)
      rack (~> 2.0, >= 2.0.9)
      rack-test (>= 0.6.3)
      rails-dom-testing (~> 2.0)
      rails-html-sanitizer (~> 1.0, >= 1.2.0)
    actiontext (6.1.4.1)
      actionpack (= 6.1.4.1)
      activerecord (= 6.1.4.1)
      activestorage (= 6.1.4.1)
      activesupport (= 6.1.4.1)
      nokogiri (>= 1.8.5)
    actionview (6.1.4.1)
      activesupport (= 6.1.4.1)
      builder (~> 3.1)
      erubi (~> 1.4)
      rails-dom-testing (~> 2.0)
      rails-html-sanitizer (~> 1.1, >= 1.2.0)
    activejob (6.1.4.1)
      activesupport (= 6.1.4.1)
      globalid (>= 0.3.6)
    activemodel (6.1.4.1)
      activesupport (= 6.1.4.1)
    activerecord (6.1.4.1)
      activemodel (= 6.1.4.1)
      activesupport (= 6.1.4.1)
    activestorage (6.1.4.1)
      actionpack (= 6.1.4.1)
      activejob (= 6.1.4.1)
      activerecord (= 6.1.4.1)
      activesupport (= 6.1.4.1)
      marcel (~> 1.0.0)
      mini_mime (>= 1.1.0)
    activesupport (6.1.4.1)
      concurrent-ruby (~> 1.0, >= 1.0.2)
      i18n (>= 1.6, < 2)
      minitest (>= 5.1)
      tzinfo (~> 2.0)
      zeitwerk (~> 2.3)
    addressable (2.7.0)
      public_suffix (>= 2.0.2, < 5.0)
    ast (2.4.2)
    async (1.28.5)
      console (~> 1.10)
      nio4r (~> 2.3)
      timers (~> 4.1)
    autoprefixer-rails (10.2.4.0)
      execjs
    bindex (0.8.1)
    bootsnap (1.7.0)
      msgpack (~> 1.0)
    bootstrap (4.6.0)
      autoprefixer-rails (>= 9.1.0)
      popper_js (>= 1.14.3, < 2)
      sassc-rails (>= 2.0.0)
    builder (3.2.4)
    byebug (11.1.3)
    capybara (3.35.3)
      addressable
      mini_mime (>= 0.1.3)
      nokogiri (~> 1.8)
      rack (>= 1.6.0)
      rack-test (>= 0.6.3)
      regexp_parser (>= 1.5, < 3.0)
      xpath (~> 3.2)
    childprocess (3.0.0)
    chronic (0.10.2)
    concurrent-ruby (1.1.9)
    connection_pool (2.2.3)
    console (1.10.1)
      fiber-local
    crass (1.0.6)
    datetime_picker_rails (0.0.7)
      momentjs-rails (>= 2.8.1)
    domain_name (0.5.20190701)
      unf (>= 0.0.5, < 1.0.0)
    erubi (1.10.0)
    execjs (2.7.0)
    faraday (1.3.0)
      faraday-net_http (~> 1.0)
      multipart-post (>= 1.2, < 3)
      ruby2_keywords
    faraday-net_http (1.0.1)
    ffi (1.14.2)
    ffi-compiler (1.0.1)
      ffi (>= 1.0.0)
      rake
    fiber-local (1.0.0)
    font-awesome-sass (5.15.1)
      sassc (>= 1.11)
    friendly_id (5.4.2)
      activerecord (>= 4.0.0)
    globalid (0.5.2)
      activesupport (>= 5.0)
    hashie (4.1.0)
    hotwire-rails (0.1.3)
      rails (>= 6.0.0)
      stimulus-rails
      turbo-rails
    http (4.4.1)
      addressable (~> 2.3)
      http-cookie (~> 1.0)
      http-form_data (~> 2.2)
      http-parser (~> 1.2.0)
    http-cookie (1.0.3)
      domain_name (~> 0.5)
    http-form_data (2.3.0)
    http-parser (1.2.3)
      ffi-compiler (>= 1.0, < 2.0)
    i18n (1.8.10)
      concurrent-ruby (~> 1.0)
    image_processing (1.12.1)
      mini_magick (>= 4.9.5, < 5)
      ruby-vips (>= 2.0.17, < 3)
    jbuilder (2.11.2)
      activesupport (>= 5.0.0)
    jquery-rails (4.4.0)
      rails-dom-testing (>= 1, < 3)
      railties (>= 4.2.0)
      thor (>= 0.14, < 2.0)
    jwt (2.2.2)
    kaminari (1.2.1)
      activesupport (>= 4.1.0)
      kaminari-actionview (= 1.2.1)
      kaminari-activerecord (= 1.2.1)
      kaminari-core (= 1.2.1)
    kaminari-actionview (1.2.1)
      actionview
      kaminari-core (= 1.2.1)
    kaminari-activerecord (1.2.1)
      activerecord
      kaminari-core (= 1.2.1)
    kaminari-core (1.2.1)
    listen (3.4.1)
      rb-fsevent (~> 0.10, >= 0.10.3)
      rb-inotify (~> 0.9, >= 0.9.10)
    loofah (2.12.0)
      crass (~> 1.0.2)
      nokogiri (>= 1.5.9)
    mail (2.7.1)
      mini_mime (>= 0.1.1)
    marcel (1.0.1)
    method_source (1.0.0)
    mini_magick (4.11.0)
    mini_mime (1.1.1)
    minitest (5.14.4)
    momentjs-rails (2.20.1)
      railties (>= 3.1)
    msgpack (1.4.2)
    multi_json (1.15.0)
    multi_xml (0.6.0)
    multipart-post (2.1.1)
    name_of_person (1.1.1)
      activesupport (>= 5.2.0)
    nio4r (2.5.8)
    nokogiri (1.12.3-x86_64-darwin)
      racc (~> 1.4)
    noticed (1.2.21)
      http (>= 4.0.0)
      rails (>= 6.0.0)
    oauth (0.5.5)
    oauth2 (1.4.4)
      faraday (>= 0.8, < 2.0)
      jwt (>= 1.0, < 3.0)
      multi_json (~> 1.3)
      multi_xml (~> 0.5)
      rack (>= 1.2, < 3)
    omniauth (1.9.1)
      hashie (>= 3.4.6)
      rack (>= 1.6.2, < 3)
    omniauth-facebook (6.0.0)
      omniauth-oauth2 (~> 1.2)
    omniauth-github (1.4.0)
      omniauth (~> 1.5)
      omniauth-oauth2 (>= 1.4.0, < 2.0)
    omniauth-oauth (1.2.0)
      oauth
      omniauth (>= 1.0, < 3)
    omniauth-oauth2 (1.7.1)
      oauth2 (~> 1.4)
      omniauth (>= 1.9, < 3)
    omniauth-twitter (1.4.0)
      omniauth-oauth (~> 1.1)
      rack
    parallel (1.20.1)
    parser (3.0.0.0)
      ast (~> 2.4.1)
    pastel (0.8.0)
      tty-color (~> 0.5)
    popper_js (1.16.0)
    public_suffix (4.0.6)
    puma (5.2.0)
      nio4r (~> 2.0)
    racc (1.5.2)
    rack (2.2.3)
    rack-mini-profiler (2.3.1)
      rack (>= 1.2.0)
    rack-proxy (0.6.5)
      rack
    rack-test (1.1.0)
      rack (>= 1.0, < 3)
    rails (6.1.4.1)
      actioncable (= 6.1.4.1)
      actionmailbox (= 6.1.4.1)
      actionmailer (= 6.1.4.1)
      actionpack (= 6.1.4.1)
      actiontext (= 6.1.4.1)
      actionview (= 6.1.4.1)
      activejob (= 6.1.4.1)
      activemodel (= 6.1.4.1)
      activerecord (= 6.1.4.1)
      activestorage (= 6.1.4.1)
      activesupport (= 6.1.4.1)
      bundler (>= 1.15.0)
      railties (= 6.1.4.1)
      sprockets-rails (>= 2.0.0)
    rails-dom-testing (2.0.3)
      activesupport (>= 4.2.0)
      nokogiri (>= 1.6)
    rails-html-sanitizer (1.4.2)
      loofah (~> 2.3)
    railties (6.1.4.1)
      actionpack (= 6.1.4.1)
      activesupport (= 6.1.4.1)
      method_source
      rake (>= 0.13)
      thor (~> 1.0)
    rainbow (3.0.0)
    rake (13.0.6)
    rb-fsevent (0.10.4)
    rb-inotify (0.10.1)
      ffi (~> 1.0)
    redis (4.2.5)
    regexp_parser (2.0.3)
    rexml (3.2.4)
    rubocop (1.8.1)
      parallel (~> 1.10)
      parser (>= 3.0.0.0)
      rainbow (>= 2.2.2, < 4.0)
      regexp_parser (>= 1.8, < 3.0)
      rexml
      rubocop-ast (>= 1.2.0, < 2.0)
      ruby-progressbar (~> 1.7)
      unicode-display_width (>= 1.4.0, < 3.0)
    rubocop-ast (1.4.1)
      parser (>= 2.7.1.5)
    rubocop-performance (1.9.2)
      rubocop (>= 0.90.0, < 2.0)
      rubocop-ast (>= 0.4.0)
    ruby-progressbar (1.11.0)
    ruby-vips (2.0.17)
      ffi (~> 1.9)
    ruby2_keywords (0.0.4)
    rubyzip (2.3.0)
    sass-rails (6.0.0)
      sassc-rails (~> 2.1, >= 2.1.1)
    sassc (2.4.0)
      ffi (~> 1.9)
    sassc-rails (2.1.2)
      railties (>= 4.0.0)
      sassc (>= 2.0)
      sprockets (> 3.0)
      sprockets-rails
      tilt
    selectize-rails (0.12.6)
    selenium-webdriver (3.142.7)
      childprocess (>= 0.5, < 4.0)
      rubyzip (>= 1.2.2)
    semantic_range (2.3.1)
    sidekiq (6.1.3)
      connection_pool (>= 2.2.2)
      rack (~> 2.0)
      redis (>= 4.2.0)
    sitemap_generator (6.1.2)
      builder (~> 3.0)
    spring (2.1.1)
    sprockets (4.0.2)
      concurrent-ruby (~> 1.0)
      rack (> 1, < 3)
    sprockets-rails (3.2.2)
      actionpack (>= 4.0)
      activesupport (>= 4.0)
      sprockets (>= 3.0.0)
    sqlite3 (1.4.2)
    standard (0.12.0)
      rubocop (= 1.8.1)
      rubocop-performance (= 1.9.2)
    stimulus-rails (0.2.2)
      rails (>= 6.0.0)
    thor (1.1.0)
    tilt (2.0.10)
    timers (4.3.2)
    tty-color (0.6.0)
    tty-command (0.10.0)
      pastel (~> 0.8)
    turbo-rails (0.5.9)
      rails (>= 6.0.0)
    turbolinks (5.2.1)
      turbolinks-source (~> 5.2)
    turbolinks-source (5.2.0)
    tzinfo (2.0.4)
      concurrent-ruby (~> 1.0)
    unf (0.1.4)
      unf_ext
    unf_ext (0.0.7.7)
    unicode-display_width (2.0.0)
    web-console (4.1.0)
      actionview (>= 6.0.0)
      activemodel (>= 6.0.0)
      bindex (>= 0.4.0)
      railties (>= 6.0.0)
    webdrivers (4.5.0)
      nokogiri (~> 1.6)
      rubyzip (>= 1.3.0)
      selenium-webdriver (>= 3.0, < 4.0)
    webpacker (5.2.1)
      activesupport (>= 5.2)
      rack-proxy (>= 0.6.1)
      railties (>= 5.2)
      semantic_range (>= 2.3.0)
    websocket-driver (0.7.5)
      websocket-extensions (>= 0.1.0)
    websocket-extensions (0.1.5)
    whenever (1.0.0)
      chronic (>= 0.6.3)
    xpath (3.2.0)
      nokogiri (~> 1.8)
    zeitwerk (2.4.2)

PLATFORMS
  x86_64-darwin-19
  x86_64-darwin-20

DEPENDENCIES
  administrate!
  async (~> 1.28)
  bootsnap (>= 1.4.4)
  bootstrap (~> 4.5)
  byebug
  capybara (>= 3.26)
  font-awesome-sass (~> 5.13)
  friendly_id (~> 5.3)
  hotwire-rails (~> 0.1.3)
  image_processing
  jbuilder (~> 2.7)
  kaminari (~> 1.2)
  listen (~> 3.3)
  mini_magick (~> 4.10, >= 4.10.1)
  name_of_person (~> 1.1)
  noticed (~> 1.2)
  omniauth-facebook (~> 6.0)
  omniauth-github (~> 1.4)
  omniauth-twitter (~> 1.4)
  puma (~> 5.0)
  rack-mini-profiler (~> 2.0)
  rails (~> 6.1.1)
  redis (~> 4.2, >= 4.2.2)
  sass-rails (>= 6)
  selenium-webdriver
  sidekiq (~> 6.0, >= 6.0.3)
  sitemap_generator (~> 6.1, >= 6.1.2)
  spring
  sqlite3 (~> 1.4)
  standard (~> 0.12.0)
  tty-command (~> 0.10.0)
  turbolinks (~> 5)
  tzinfo-data
  web-console (>= 4.1.0)
  webdrivers
  webpacker (~> 5.0)
  whenever

RUBY VERSION
   ruby 3.0.0p0

BUNDLED WITH
   2.2.6
